GEM
  remote: https://rubygems.org/
  specs:
    builder (3.2.4)
    jsonl (0.1.5)
    nokogiri (1.15.2-x86_64-linux)
      racc (~> 1.4)
    racc (1.7.1)
    roo (2.10.0)
      nokogiri (~> 1)
      rubyzip (>= 1.3.0, < 3.0.0)
    rubyzip (2.3.2)

PLATFORMS
  x86_64-linux

DEPENDENCIES
  builder (~> 3.2, >= 3.2.4)
  jsonl (~> 0.1.5)
  roo (~> 2.10)

BUNDLED WITH
   2.2.22
