GEM
  remote: https://rubygems.org/
  specs:
    builder (3.2.4)
    csv (3.2.7)
    fileutils (1.7.1)
    json (2.6.3)
    jsonl (0.1.5)
    net-http (0.3.2)
      uri
    nokogiri (1.15.3-x86_64-linux)
      racc (~> 1.4)
    open3 (0.1.2)
    optparse (0.3.1)
    pp (0.4.0)
      prettyprint
    prettyprint (0.1.1)
    racc (1.7.1)
    roo (2.10.0)
      nokogiri (~> 1)
      rubyzip (>= 1.3.0, < 3.0.0)
    rubyzip (2.3.2)
    uri (0.12.2)

PLATFORMS
  x86_64-linux

DEPENDENCIES
  builder (>= 3.2.4)
  csv (>= 3.2.6)
  fileutils (>= 1.7.0)
  json (>= 2.6.3)
  jsonl (>= 0.1.5)
  net-http (>= 0.3.2)
  nokogiri (>= 1.15.3)
  open3 (>= 0.1.2)
  optparse (>= 0.3.1)
  pp (>= 0.4.0)
  roo (>= 2.10.0)

RUBY VERSION
   ruby 3.2.2p53

BUNDLED WITH
   2.4.17
